GEM
  specs:
    observr (1.0.5)
    rake (13.0.6)

PLATFORMS
  arm64-darwin-22

DEPENDENCIES
  observr
  rake

BUNDLED WITH
   2.4.9
